GEM
  remote: https://rubygems.org/
  specs:
    json (2.1.0)
    kgio (2.11.2)
    mustermann (1.0.3)
    pg (1.1.3)
    rack (2.0.5)
    rack-protection (2.0.4)
      rack
    raindrops (0.19.0)
    sinatra (2.0.4)
      mustermann (~> 1.0)
      rack (~> 2.0)
      rack-protection (= 2.0.4)
      tilt (~> 2.0)
    tilt (2.0.8)
    unicorn (5.4.1)
      kgio (~> 2.6)
      raindrops (~> 0.7)
    yajl-ruby (1.4.2)

PLATFORMS
  ruby

DEPENDENCIES
  json
  pg
  sinatra
  unicorn
  yajl-ruby

BUNDLED WITH
   1.16.2
