GEM
  remote: https://rubygems.org/
  specs:
    json (2.1.0)
    kgio (2.11.2)
    mustermann (2.0.2)
      ruby2_keywords (~> 0.0.1)
    pg (1.1.3)
    rack (2.2.4)
    rack-protection (2.2.3)
      rack
    raindrops (0.19.0)
    ruby2_keywords (0.0.5)
    sinatra (2.2.3)
      mustermann (~> 2.0)
      rack (~> 2.2)
      rack-protection (= 2.2.3)
      tilt (~> 2.0)
    tilt (2.0.11)
    unicorn (5.4.1)
      kgio (~> 2.6)
      raindrops (~> 0.7)
    yajl-ruby (1.4.1)

PLATFORMS
  ruby

DEPENDENCIES
  json
  pg
  sinatra
  unicorn
  yajl-ruby

BUNDLED WITH
   1.16.2
