GEM
  remote: https://rubygems.org/
  specs:
    addressable (2.8.7)
      public_suffix (>= 2.0.2, < 7.0)
    base64 (0.2.0)
    connection_pool (2.4.1)
    domain_name (0.6.20240107)
    ffi (1.17.0)
    ffi-compiler (1.3.2)
      ffi (>= 1.15.5)
      rake
    http (5.2.0)
      addressable (~> 2.8)
      base64 (~> 0.1)
      http-cookie (~> 1.0)
      http-form_data (~> 2.2)
      llhttp-ffi (~> 0.5.0)
    http-cookie (1.0.6)
      domain_name (~> 0.5)
    http-form_data (2.3.0)
    json (2.6.3)
    kgio (2.11.4)
    llhttp-ffi (0.5.0)
      ffi-compiler (~> 1.0)
      rake (~> 13.0)
    maxmind-db (1.2.0)
    maxmind-geoip2 (1.1.0)
      connection_pool (~> 2.2)
      http (>= 4.3, < 6.0)
      maxmind-db (~> 1.1)
    mustermann (3.0.0)
      ruby2_keywords (~> 0.0.1)
    pg (1.5.3)
    public_suffix (5.1.1)
    rack (2.2.8)
    rack-protection (3.0.6)
      rack
    rack-unreloader (2.1.0)
    raindrops (0.20.1)
    rake (13.2.1)
    ruby2_keywords (0.0.5)
    sinatra (3.0.6)
      mustermann (~> 3.0)
      rack (~> 2.2, >= 2.2.4)
      rack-protection (= 3.0.6)
      tilt (~> 2.0)
    sinatra-cors (1.2.0)
    tilt (2.2.0)
    unicorn (6.1.0)
      kgio (~> 2.6)
      raindrops (~> 0.7)
    yajl-ruby (1.4.3)

PLATFORMS
  aarch64-linux
  x86_64-linux

DEPENDENCIES
  json (= 2.6.3)
  maxmind-geoip2 (= 1.1.0)
  pg (= 1.5.3)
  rack-unreloader
  sinatra (= 3.0.6)
  sinatra-cors (~> 1.2)
  unicorn (= 6.1.0)
  yajl-ruby (= 1.4.3)

BUNDLED WITH
   2.4.17
